PATH
  remote: .
  specs:
    hashmodel (0.4.0)
      file-tail (~> 1.0)
      sourcify (~> 0.4)

GEM
  remote: http://rubygems.org/
  specs:
    builder (3.0.0)
    cucumber (0.10.2)
      builder (>= 2.1.2)
      diff-lcs (>= 1.1.2)
      gherkin (>= 2.3.5)
      json (>= 1.4.6)
      term-ansicolor (>= 1.0.5)
    diff-lcs (1.1.2)
    file-tail (1.0.5)
      spruz (>= 0.1.0)
    gherkin (2.3.5)
      json (>= 1.4.6)
    json (2.3.0)
    rspec (2.5.0)
      rspec-core (~> 2.5.0)
      rspec-expectations (~> 2.5.0)
      rspec-mocks (~> 2.5.0)
    rspec-core (2.5.1)
    rspec-expectations (2.5.0)
      diff-lcs (~> 1.1.2)
    rspec-mocks (2.5.0)
    ruby2ruby (1.2.5)
      ruby_parser (~> 2.0)
      sexp_processor (~> 3.0)
    ruby_parser (2.0.6)
      sexp_processor (~> 3.0)
    sexp_processor (3.0.5)
    sourcify (0.4.2)
      file-tail (>= 1.0.5)
      ruby2ruby (>= 1.2.5)
      sexp_processor (>= 3.0.5)
    spruz (0.2.5)
    term-ansicolor (1.0.5)

PLATFORMS
  ruby

DEPENDENCIES
  cucumber (~> 0.3)
  hashmodel!
  rspec (~> 2.5)
